GIT
  remote: https://github.com/arfon/mdspell
  revision: 6501d84bc2936eb5669e05192c74f08dc82c599a
  specs:
    mdspell (0.2.0)
      ffi-aspell (~> 1.1)
      kramdown (~> 1.8)
      mixlib-cli (~> 1.5)
      mixlib-config (~> 2.2)
      rainbow (~> 2.0)

GIT
  remote: https://github.com/openjournals/whedon.git
  revision: 77e1ffbd3fc0c0fc82563d784c272bc3d1955119
  ref: 77e1ffbd3fc0c0fc82563d784c272bc3d1955119
  specs:
    whedon (0.1.0)
      bibtex-ruby
      dotenv
      latex-decode
      metamatter (~> 0.2.0)
      nameable (~> 1.1)
      octokit (~> 4.0)
      redcarpet (~> 3.3)
      rest-client (>= 1.8)
      thor (~> 0.19)
      tilt
      unicode (~> 0.4.4)

GEM
  remote: https://rubygems.org/
  specs:
    addressable (2.5.2)
      public_suffix (>= 2.0.2, < 4.0)
    algorithmia (0.2.0)
      httparty (~> 0.13.1)
      json (~> 1.8)
      rake (~> 10.4)
    backports (2.8.2)
    bibtex-ruby (4.4.7)
      latex-decode (~> 0.0)
    byebug (10.0.2)
    charlock_holmes (0.7.6)
    chronic (0.10.2)
    coderay (1.1.2)
    concurrent-ruby (1.1.4)
    connection_pool (2.2.2)
    crack (0.4.3)
      safe_yaml (~> 1.0.0)
    diff-lcs (1.3)
    domain_name (0.5.20180417)
      unf (>= 0.0.5, < 1.0.0)
    dotenv (2.6.0)
    escape_utils (1.1.1)
    faraday (0.14.0)
      multipart-post (>= 1.2, < 3)
    faraday_middleware (0.12.2)
      faraday (>= 0.7.4, < 1.0)
    ffi (1.10.0)
    ffi-aspell (1.1.0)
      ffi
    github-linguist (5.3.3)
      charlock_holmes (~> 0.7.5)
      escape_utils (~> 1.1.0)
      mime-types (>= 1.19)
      rugged (>= 0.25.1)
    hashdiff (0.3.8)
    http-cookie (1.0.3)
      domain_name (~> 0.5)
    httparty (0.13.7)
      json (~> 1.8)
      multi_xml (>= 0.5.2)
    json (1.8.6)
    kgio (2.11.2)
    kramdown (1.17.0)
    latex-decode (0.3.1)
    licensee (9.11.0)
      dotenv (~> 2.0)
      octokit (~> 4.8.0)
      rugged (~> 0.24)
      thor (~> 0.19)
    metamatter (0.2.0)
      algorithmia (~> 0.2.0)
      httparty (~> 0.13)
      octokit (~> 4.0)
      thor (~> 0.19)
    method_source (0.9.2)
    mime-types (2.99.3)
    mini_portile2 (2.3.0)
    mixlib-cli (1.7.0)
    mixlib-config (2.2.18)
      tomlrb
    multi_json (1.13.1)
    multi_xml (0.6.0)
    multipart-post (2.0.0)
    mustermann (1.0.3)
    nameable (1.1.4)
    netrc (0.11.0)
    nokogiri (1.8.5)
      mini_portile2 (~> 2.3.0)
    octokit (4.8.0)
      sawyer (~> 0.8.0, >= 0.5.3)
    pry (0.12.2)
      coderay (~> 1.1.0)
      method_source (~> 0.9.0)
    pry-byebug (3.6.0)
      byebug (~> 10.0)
      pry (~> 0.10)
    public_suffix (3.0.3)
    rack (2.0.6)
    rack-protection (2.0.2)
      rack
    rack-test (1.1.0)
      rack (>= 1.0, < 3)
    rainbow (2.2.2)
      rake
    raindrops (0.19.0)
    rake (10.5.0)
    redcarpet (3.4.0)
    redis (4.1.0)
    rest-client (2.0.2)
      http-cookie (>= 1.0.2, < 2.0)
      mime-types (>= 1.16, < 4.0)
      netrc (~> 0.8)
    rspec (3.8.0)
      rspec-core (~> 3.8.0)
      rspec-expectations (~> 3.8.0)
      rspec-mocks (~> 3.8.0)
    rspec-core (3.8.0)
      rspec-support (~> 3.8.0)
    rspec-expectations (3.8.2)
      diff-lcs (>= 1.2.0, < 2.0)
      rspec-support (~> 3.8.0)
    rspec-mocks (3.8.0)
      diff-lcs (>= 1.2.0, < 2.0)
      rspec-support (~> 3.8.0)
    rspec-support (3.8.0)
    rugged (0.27.7)
    safe_yaml (1.0.4)
    sawyer (0.8.1)
      addressable (>= 2.3.5, < 2.6)
      faraday (~> 0.8, < 1.0)
    serrano (0.5.0)
      faraday (~> 0.14.0)
      faraday_middleware (~> 0.12.2)
      multi_json (~> 1.13, >= 1.13.1)
      thor (~> 0.20.0)
    sidekiq (5.0.5)
      concurrent-ruby (~> 1.0)
      connection_pool (~> 2.2, >= 2.2.0)
      rack-protection (>= 1.5.0)
      redis (>= 3.3.4, < 5)
    sinatra (2.0.2)
      mustermann (~> 1.0)
      rack (~> 2.0)
      rack-protection (= 2.0.2)
      tilt (~> 2.0)
    sinatra-contrib (2.0.2)
      backports (~> 2.8.2)
      multi_json
      mustermann (~> 1.0)
      rack-protection (= 2.0.2)
      sinatra (= 2.0.2)
      tilt (>= 1.3, < 3)
    thor (0.20.3)
    tilt (2.0.9)
    tomlrb (1.2.8)
    unf (0.1.4)
      unf_ext
    unf_ext (0.0.7.6)
    unicode (0.4.4.4)
    unicorn (5.3.1)
      kgio (~> 2.6)
      raindrops (~> 0.7)
    webmock (3.5.1)
      addressable (>= 2.3.6)
      crack (>= 0.3.2)
      hashdiff

PLATFORMS
  ruby

DEPENDENCIES
  chronic (~> 0.10.2)
  github-linguist (~> 5.3)
  licensee (~> 9.9)
  mdspell!
  nokogiri (= 1.8.5)
  octokit (~> 4.8)
  pry-byebug
  rack (>= 2.0.6)
  rack-test
  rest-client (~> 2.0)
  rspec
  serrano
  sidekiq (= 5.0.5)
  sinatra (= 2.0.2)
  sinatra-contrib (= 2.0.2)
  unicorn (= 5.3.1)
  webmock
  whedon!

BUNDLED WITH
   2.0.1
